GEM
  remote: https://rubygems.org/
  specs:
    chunky_png (1.4.0)
    ractor (0.2.0)
      ractor-tvar
    ractor-tvar (0.4.0)

PLATFORMS
  arm64-darwin-23
  ruby

DEPENDENCIES
  chunky_png (~> 1.4)
  ractor (~> 0.2.0)

BUNDLED WITH
   2.5.5
